GEM
  remote: https://rubygems.org/
  specs:
    concurrent-ruby (1.1.9)
    deep_merge (1.2.1)
    diff-lcs (1.2.5)
    facter (2.5.7)
    fast_gettext (1.8.0)
    hiera (3.8.0)
    highline (1.6.21)
    hocon (1.3.1)
    httpclient (2.8.3)
    json (1.8.1)
    librarian (0.1.2)
      highline
      thor (~> 0.15)
    librarian-puppet (0.9.16)
      json
      librarian (>= 0.1.2)
    locale (2.1.3)
    metaclass (0.0.2)
    mime-types (2.1)
    mini_portile (0.5.2)
    mocha (1.0.0)
      metaclass (~> 0.0.1)
    multi_json (1.15.0)
    nokogiri (1.6.1)
      mini_portile (~> 0.5.0)
    puppet (6.25.1)
      concurrent-ruby (~> 1.0)
      deep_merge (~> 1.0)
      facter (> 2.0.1, < 5)
      fast_gettext (~> 1.1)
      hiera (>= 3.2.1, < 4)
      httpclient (~> 2.8)
      locale (~> 2.1)
      multi_json (~> 1.10)
      puppet-resource_api (~> 1.5)
      semantic_puppet (~> 1.0)
    puppet-blacksmith (2.0.2)
      nokogiri
      puppet (>= 2.7.16)
      rest-client
    puppet-lint (0.3.2)
    puppet-resource_api (1.8.14)
      hocon (>= 1.0)
    puppetlabs_spec_helper (0.4.1)
      mocha (>= 0.10.5)
      rake
      rspec (>= 2.9.0)
      rspec-puppet (>= 0.1.1)
    rake (10.1.1)
    rest-client (1.6.7)
      mime-types (>= 1.16)
    rspec (2.14.1)
      rspec-core (~> 2.14.0)
      rspec-expectations (~> 2.14.0)
      rspec-mocks (~> 2.14.0)
    rspec-core (2.14.7)
    rspec-expectations (2.14.4)
      diff-lcs (>= 1.1.3, < 2.0)
    rspec-mocks (2.14.4)
    rspec-puppet (1.0.1)
      rspec
    semantic_puppet (1.0.4)
    thor (0.19.1)

PLATFORMS
  ruby

DEPENDENCIES
  librarian-puppet
  puppet (>= 3.4)
  puppet-blacksmith
  puppet-lint
  puppetlabs_spec_helper
  rake
